GEM
  remote: https://rubygems.org/
  specs:
    bindata (2.4.1)
    byebug (9.1.0)
    eventmachine (1.2.5)
    foreman (0.84.0)
      thor (~> 0.19.1)
    thor (0.19.4)

PLATFORMS
  ruby

DEPENDENCIES
  bindata
  byebug
  eventmachine
  foreman

RUBY VERSION
   ruby 2.4.1p111

BUNDLED WITH
   1.16.0
