GEM
  remote: https://rubygems.org/
  specs:
    amq-protocol (2.3.0)
    bindata (2.4.1)
    bunny (2.9.1)
      amq-protocol (~> 2.3.0)
    byebug (9.1.0)
    eventmachine (1.2.5)
    foreman (0.84.0)
      thor (~> 0.19.1)
    thor (0.19.4)

PLATFORMS
  ruby

DEPENDENCIES
  bindata
  bunny (>= 2.9.0)
  byebug
  eventmachine
  foreman

RUBY VERSION
   ruby 2.4.1p111

BUNDLED WITH
   1.16.0
