GEM
  remote: https://rubygems.org/
  specs:
    bindata (2.4.1)

PLATFORMS
  ruby

DEPENDENCIES
  bindata

BUNDLED WITH
   1.16.0
